GEM
  remote: http://rubygems.org/
  specs:
    akami (1.2.2)
      gyoku (>= 0.4.0)
      nokogiri
    backports (3.6.5)
    bcrypt (3.1.7-x86-mingw32)
    bcrypt-ruby (3.1.5-x86-mingw32)
      bcrypt (>= 3.1.3)
    builder (3.2.2)
    gyoku (1.1.1)
      builder (>= 2.1.2)
    haml (4.0.5)
      tilt
    httpi (2.1.1)
      rack
      rubyntlm (~> 0.3.2)
    mime-types (1.25.1)
    mini_portile (0.5.3)
    multi_json (1.11.2)
    nokogiri (1.6.2.rc2-x86-mingw32)
      mini_portile (~> 0.5.2)
    nori (2.3.0)
    rack (1.6.4)
    rack-protection (1.5.3)
      rack
    rack-ssl (1.4.1)
      rack
    rack-test (0.6.3)
      rack (>= 1.0)
    rubyntlm (0.3.4)
    savon (2.3.2)
      akami (~> 1.2.0)
      builder (>= 2.1.2)
      gyoku (~> 1.1.0)
      httpi (~> 2.1.0)
      nokogiri (>= 1.4.0)
      nori (~> 2.3.0)
      wasabi (~> 3.2.2)
    sinatra (1.4.4)
      rack (~> 1.4)
      rack-protection (~> 1.4)
      tilt (~> 1.3, >= 1.3.4)
    sinatra-contrib (1.4.2)
      backports (>= 2.0)
      multi_json
      rack-protection
      rack-test
      sinatra (~> 1.4.0)
      tilt (~> 1.3)
    sinatra-static-assets (1.0.3)
      sinatra (>= 1.1.0)
    tilt (1.4.1)
    wasabi (3.2.3)
      httpi (~> 2.0)
      mime-types (< 2.0.0)
      nokogiri (>= 1.4.0)

PLATFORMS
  x86-mingw32

DEPENDENCIES
  bcrypt-ruby
  haml (= 4.0.5)
  nokogiri (= 1.6.2.rc2)
  rack-ssl
  savon (= 2.3.2)
  sinatra (= 1.4.4)
  sinatra-contrib (= 1.4.2)
  sinatra-static-assets (= 1.0.3)
